STORAGE: NONE
RESTRICTION: || (== net8.0) (== netstandard2.0)
NUGET
  remote: https://api.nuget.org/v3/index.json
    coverlet.collector (6.0.4)
    DotNet.ReproducibleBuilds (1.2.39) - copy_local: true
    Expecto (10.2.3)
      FSharp.Core (>= 7.0.200) - restriction: || (== net8.0) (&& (== netstandard2.0) (>= net6.0))
      Mono.Cecil (>= 0.11.4 < 1.0) - restriction: || (== net8.0) (&& (== netstandard2.0) (>= net6.0))
    Expecto.FsCheck (10.2.3)
      Expecto (>= 10.2.3) - restriction: || (== net8.0) (&& (== netstandard2.0) (>= net6.0))
      FsCheck (>= 2.16.5 < 3.0) - restriction: || (== net8.0) (&& (== netstandard2.0) (>= net6.0))
    Expecto.VisualStudio.TestAdapter (10.0.2)
    Fable.Core (4.2)
    Fable.Mocha (2.17)
      Fable.Core (>= 3.0)
      FSharp.Core (>= 4.7)
    Fable.Node (1.6)
      Fable.Core (>= 3.1.2)
      FSharp.Core (>= 5.0.2)
    Fable.Python (4.6.1)
      Fable.Core (>= 4.2 < 5.0)
      FSharp.Core (>= 4.7.2)
    Fable.Pyxpecto (1.3)
      Fable.Core (>= 4.1)
      Fable.Python (>= 4.3)
      FSharp.Core (>= 5.0)
    FsCheck (2.16.6)
      FSharp.Core (>= 4.2.3)
    FsCheck.NUnit (2.16.6)
      FsCheck (2.16.6)
      NUnit (>= 3.13.1 < 4.0)
    FSharp.Core (8.0.403)
    FSharp.Quotations.Evaluator (2.1)
      FSharp.Core (>= 4.3.1)
    FsToolkit.ErrorHandling (5.1)
      FSharp.Core (>= 6.0.4)
      Microsoft.Bcl.AsyncInterfaces (>= 6.0) - restriction: || (&& (== net8.0) (< netstandard2.1)) (== netstandard2.0)
    MathNet.Numerics (5.0)
    MathNet.Numerics.FSharp (5.0)
      FSharp.Core (>= 6.0.2)
      MathNet.Numerics (>= 5.0)
    Microsoft.ApplicationInsights (2.23) - restriction: || (== net8.0) (&& (== netstandard2.0) (>= net8.0))
      System.Diagnostics.DiagnosticSource (>= 5.0)
    Microsoft.Bcl.AsyncInterfaces (9.0.10) - restriction: || (&& (== net8.0) (< netstandard2.1)) (== netstandard2.0)
      System.Threading.Tasks.Extensions (>= 4.5.4) - restriction: || (&& (== net8.0) (>= net462)) (&& (== net8.0) (< netstandard2.1)) (== netstandard2.0)
    Microsoft.CodeCoverage (18.0) - restriction: || (== net8.0) (&& (== netstandard2.0) (>= net462)) (&& (== netstandard2.0) (>= net8.0))
    Microsoft.NET.Test.Sdk (18.0)
      Microsoft.CodeCoverage (>= 18.0) - restriction: || (== net8.0) (&& (== netstandard2.0) (>= net462)) (&& (== netstandard2.0) (>= net8.0))
      Microsoft.TestPlatform.TestHost (>= 18.0) - restriction: || (== net8.0) (&& (== netstandard2.0) (>= net8.0))
    Microsoft.NETCore.Platforms (6.0.5)
    Microsoft.Testing.Extensions.Telemetry (2.0.1) - restriction: || (== net8.0) (&& (== netstandard2.0) (>= net8.0))
      Microsoft.ApplicationInsights (>= 2.23)
      Microsoft.Testing.Platform (>= 2.0.1)
    Microsoft.Testing.Extensions.TrxReport.Abstractions (2.0.1) - restriction: || (== net8.0) (&& (== netstandard2.0) (>= net8.0))
      Microsoft.Testing.Platform (>= 2.0.1)
    Microsoft.Testing.Extensions.VSTestBridge (2.0.1) - restriction: || (== net8.0) (&& (== netstandard2.0) (>= net8.0))
      Microsoft.Testing.Extensions.Telemetry (>= 2.0.1)
      Microsoft.Testing.Extensions.TrxReport.Abstractions (>= 2.0.1)
      Microsoft.Testing.Platform (>= 2.0.1)
      Microsoft.TestPlatform.AdapterUtilities (>= 18.0)
      Microsoft.TestPlatform.ObjectModel (>= 18.0)
    Microsoft.Testing.Platform (2.0.1) - restriction: || (== net8.0) (&& (== netstandard2.0) (>= net8.0))
    Microsoft.Testing.Platform.MSBuild (2.0.1) - restriction: || (== net8.0) (&& (== netstandard2.0) (>= net8.0))
      Microsoft.Testing.Platform (>= 2.0.1)
    Microsoft.TestPlatform.AdapterUtilities (18.0) - restriction: || (== net8.0) (&& (== netstandard2.0) (>= net8.0))
    Microsoft.TestPlatform.ObjectModel (18.0) - restriction: || (== net8.0) (&& (== netstandard2.0) (>= net8.0))
      System.Reflection.Metadata (>= 8.0)
    Microsoft.TestPlatform.TestHost (18.0) - restriction: || (== net8.0) (&& (== netstandard2.0) (>= net8.0))
      Microsoft.TestPlatform.ObjectModel (>= 18.0) - restriction: || (== net8.0) (&& (== netstandard2.0) (>= net8.0))
      Newtonsoft.Json (>= 13.0.3) - restriction: || (== net8.0) (&& (== netstandard2.0) (>= net8.0))
    Mono.Cecil (0.11.4) - restriction: || (== net8.0) (&& (== netstandard2.0) (>= net6.0))
    NETStandard.Library (2.0.3)
      Microsoft.NETCore.Platforms (>= 1.1)
    Newtonsoft.Json (13.0.3) - restriction: || (== net8.0) (&& (== netstandard2.0) (>= net8.0))
    NUnit (3.13.3)
      NETStandard.Library (>= 2.0)
    NUnit3TestAdapter (5.2)
      Microsoft.Testing.Extensions.VSTestBridge (>= 1.9) - restriction: || (== net8.0) (&& (== netstandard2.0) (>= net462)) (&& (== netstandard2.0) (>= netcoreapp3.1))
      Microsoft.Testing.Platform.MSBuild (>= 1.9) - restriction: || (== net8.0) (&& (== netstandard2.0) (>= net462)) (&& (== netstandard2.0) (>= netcoreapp3.1))
    System.Buffers (4.6.1) - restriction: || (&& (== net8.0) (>= net462)) (&& (== net8.0) (< netcoreapp2.1) (< netstandard2.1)) (== netstandard2.0)
    System.Collections.Immutable (9.0.10) - restriction: || (== net8.0) (&& (== netstandard2.0) (>= net8.0))
    System.Diagnostics.DiagnosticSource (9.0.10) - restriction: || (== net8.0) (&& (== netstandard2.0) (>= net8.0))
    System.Memory (4.6.3)
      System.Buffers (>= 4.6.1) - restriction: || (&& (== net8.0) (>= net462)) (&& (== net8.0) (< netcoreapp2.1) (< netstandard2.1)) (== netstandard2.0)
      System.Numerics.Vectors (>= 4.6.1) - restriction: || (&& (== net8.0) (>= net462)) (&& (== net8.0) (< netcoreapp2.1) (< netstandard2.1)) (== netstandard2.0)
      System.Runtime.CompilerServices.Unsafe (>= 6.1.2) - restriction: || (&& (== net8.0) (>= net462)) (&& (== net8.0) (< netcoreapp2.1) (< netstandard2.1)) (== netstandard2.0)
    System.Numerics.Vectors (4.6.1) - restriction: || (&& (== net8.0) (>= net462)) (&& (== net8.0) (< netcoreapp2.1) (< netstandard2.1)) (== netstandard2.0)
    System.Reflection.Metadata (9.0.10) - restriction: || (== net8.0) (&& (== netstandard2.0) (>= net8.0))
      System.Collections.Immutable (>= 9.0.10)
    System.Runtime.CompilerServices.Unsafe (6.1.2) - restriction: || (&& (== net8.0) (>= net462)) (&& (== net8.0) (< netcoreapp2.1) (< netstandard2.1)) (== netstandard2.0)
    System.Threading.Tasks.Extensions (4.6.3) - restriction: || (&& (== net8.0) (>= net462)) (&& (== net8.0) (< netstandard2.1)) (== netstandard2.0)
      System.Runtime.CompilerServices.Unsafe (>= 6.1.2) - restriction: || (&& (== net8.0) (>= net462)) (&& (== net8.0) (< netcoreapp2.1) (< netstandard2.1)) (== netstandard2.0)
    YoloDev.Expecto.TestSdk (0.15.5)
      Expecto (>= 10.2.2 < 11.0) - restriction: || (== net8.0) (&& (== netstandard2.0) (>= net8.0))
      FSharp.Core (>= 7.0.200) - restriction: || (== net8.0) (&& (== netstandard2.0) (>= net8.0))
      Microsoft.Testing.Extensions.VSTestBridge (>= 1.9) - restriction: || (== net8.0) (&& (== netstandard2.0) (>= net8.0))
      Microsoft.Testing.Platform.MSBuild (>= 1.9) - restriction: || (== net8.0) (&& (== netstandard2.0) (>= net8.0))
